NUGET
  remote: https://nuget.org/api/v2
  specs:
    DynamicInterop (0.7.4)
    FAKE (4.64.13)
    FsCheck (0.9.1.0)
    FSharp.Core (4.3.4)    
    FSharp.Charting (0.90.12)
    FSharp.Compiler.Service (2.0.0.6)
    FSharp.Data (2.4.6)
    FSharp.Formatting (2.14.4)
      FSharp.Compiler.Service (>= 0.0.87)
      FSharpVSPowerTools.Core (>= 2.3.0)
    FSharpVSPowerTools.Core (2.3.0)
    MathNet.Numerics (4.5.1)
    NuGet.CommandLine (2.8.5)
    NUnit (2.6.6)
    NUnit.Runners (2.6.6)
    R.NET.Community (1.6.5)
      DynamicInterop (0.7.4)
    R.NET.Community.FSharp (1.6.5)
      R.NET.Community (>= 1.6.5)
    RProvider (1.1.20)
      DynamicInterop (0.7.4)
      R.NET.Community (1.6.5)
      R.NET.Community.FSharp (1.6.5)
GITHUB
  remote: fsharp/FSharp.Data
  specs:
    src/CommonRuntime/StructuralInference.fs (769b8efa3dc8cb02fa9247cc3d99ecad6609d4cb)
    src/CommonRuntime/StructuralTypes.fs (769b8efa3dc8cb02fa9247cc3d99ecad6609d4cb)
    src/CommonRuntime/TextConversions.fs (769b8efa3dc8cb02fa9247cc3d99ecad6609d4cb)
    src/CommonRuntime/TextRuntime.fs (769b8efa3dc8cb02fa9247cc3d99ecad6609d4cb)
    src/Csv/CsvFile.fs (769b8efa3dc8cb02fa9247cc3d99ecad6609d4cb)
    src/Csv/CsvInference.fs (769b8efa3dc8cb02fa9247cc3d99ecad6609d4cb)
    src/Csv/CsvRuntime.fs (769b8efa3dc8cb02fa9247cc3d99ecad6609d4cb)